GEM
  remote: https://rubygems.org/
  specs:
    addressable (2.7.0)
      public_suffix (>= 2.0.2, < 5.0)
    concurrent-ruby (1.1.6)
    daemons (1.3.1)
    em-websocket (0.3.8)
      addressable (>= 2.1.1)
      eventmachine (>= 0.12.9)
    eventmachine (1.2.7)
    ffi (1.12.2)
    gm1356 (0.0.4)
      hidapi (= 0.1.9)
    hidapi (0.1.9)
      i18n
      libusb (~> 0.5.1)
    i18n (1.8.2)
      concurrent-ruby (~> 1.0)
    libusb (0.5.1)
      ffi (>= 1.0)
    mustermann (1.1.1)
      ruby2_keywords (~> 0.0.1)
    public_suffix (4.0.4)
    rack (2.2.6.4)
    rack-protection (2.0.8.1)
      rack
    ruby2_keywords (0.0.2)
    sinatra (2.0.8.1)
      mustermann (~> 1.0)
      rack (~> 2.0)
      rack-protection (= 2.0.8.1)
      tilt (~> 2.0)
    sinatra-websocket (0.3.1)
      em-websocket (~> 0.3.6)
      eventmachine
      thin (>= 1.3.1, < 2.0.0)
    thin (1.7.2)
      daemons (~> 1.0, >= 1.0.9)
      eventmachine (~> 1.0, >= 1.0.4)
      rack (>= 1, < 3)
    tilt (2.0.10)

PLATFORMS
  ruby

DEPENDENCIES
  gm1356 (= 0.0.4)
  sinatra (= 2.0.8.1)
  sinatra-websocket (= 0.3.1)

BUNDLED WITH
   2.1.2
